GEM
  remote: https://rubygems.org/
  specs:
    airbrussh (1.4.0)
      sshkit (>= 1.6.1, != 1.7.0)
    ast (2.4.0)
    awesome_print (1.8.0)
    byebug (11.1.1)
    capistrano (3.12.0)
      airbrussh (>= 1.0.0)
      i18n
      rake (>= 10.0.0)
      sshkit (>= 1.9.0)
    capistrano-scm-rsync (0.1.2)
      capistrano (~> 3.7)
    coderay (1.1.2)
    concurrent-ruby (1.1.6)
    configatron (4.5.1)
    diff-lcs (1.3)
    docile (1.3.2)
    ffi (1.12.2)
    ffi (1.12.2-x64-mingw32)
    formatador (0.2.5)
    guard (2.16.1)
      formatador (>= 0.2.4)
      listen (>= 2.7, < 4.0)
      lumberjack (>= 1.0.12, < 2.0)
      nenv (~> 0.1)
      notiffany (~> 0.0)
      pry (>= 0.9.12)
      shellany (~> 0.0)
      thor (>= 0.18.1)
    guard-bundler (3.0.0)
      bundler (>= 2.1, < 3)
      guard (~> 2.2)
      guard-compat (~> 1.1)
    guard-compat (1.2.1)
    guard-rspec (4.7.3)
      guard (~> 2.1)
      guard-compat (~> 1.1)
      rspec (>= 2.99.0, < 4.0)
    guard-rubocop (1.3.0)
      guard (~> 2.0)
      rubocop (~> 0.20)
    guard-shell (0.7.1)
      guard (>= 2.0.0)
      guard-compat (~> 1.0)
    i18n (1.8.2)
      concurrent-ruby (~> 1.0)
    inwx-rb (0.1.1)
    jaro_winkler (1.5.4)
    listen (3.2.1)
      rb-fsevent (~> 0.10, >= 0.10.3)
      rb-inotify (~> 0.9, >= 0.9.10)
    lumberjack (1.2.4)
    method_source (0.9.2)
    nenv (0.3.0)
    net-scp (2.0.0)
      net-ssh (>= 2.6.5, < 6.0.0)
    net-ssh (5.2.0)
    notiffany (0.1.3)
      nenv (~> 0.1)
      shellany (~> 0.0)
    parallel (1.19.1)
    parser (2.7.0.3)
      ast (~> 2.4.0)
    pry (0.12.2)
      coderay (~> 1.1.0)
      method_source (~> 0.9.0)
    pry-byebug (3.8.0)
      byebug (~> 11.0)
      pry (~> 0.10)
    rainbow (3.0.0)
    rake (13.0.1)
    rake-funnel (0.23.0)
      configatron (~> 4.5)
      rake (>= 10.4, < 14)
      rubyzip (>= 1.3.0, < 3)
      smart_colored
    rb-fsevent (0.10.3)
    rb-inotify (0.10.1)
      ffi (~> 1.0)
    rexml (3.2.5)
    rspec (3.9.0)
      rspec-core (~> 3.9.0)
      rspec-expectations (~> 3.9.0)
      rspec-mocks (~> 3.9.0)
    rspec-core (3.9.1)
      rspec-support (~> 3.9.1)
    rspec-expectations (3.9.0)
      diff-lcs (>= 1.2.0, < 2.0)
      rspec-support (~> 3.9.0)
    rspec-mocks (3.9.1)
      diff-lcs (>= 1.2.0, < 2.0)
      rspec-support (~> 3.9.0)
    rspec-support (3.9.2)
    rspec-teamcity (1.0.0)
      rspec (>= 2.99, >= 2.14.2, < 4)
    rubocop (0.80.0)
      jaro_winkler (~> 1.5.1)
      parallel (~> 1.10)
      parser (>= 2.7.0.1)
      rainbow (>= 2.2.2, < 4.0)
      rexml
      ruby-progressbar (~> 1.7)
      unicode-display_width (>= 1.4.0, < 1.7)
    rubocop-checkstyle_formatter (0.4.0)
      rubocop (>= 0.35.1)
    rubocop-rspec (1.38.1)
      rubocop (>= 0.68.1)
    ruby-progressbar (1.10.1)
    ruby_gntp (0.3.4)
    rubyzip (2.2.0)
    shellany (0.0.1)
    simplecov (0.18.5)
      docile (~> 1.1)
      simplecov-html (~> 0.11)
    simplecov-html (0.12.2)
    simplecov-teamcity-summary (1.0.0)
      simplecov
    smart_colored (1.1.1)
    sshkit (1.20.0)
      net-scp (>= 1.1.2)
      net-ssh (>= 2.8.0)
    terminal-notifier-guard (1.7.0)
    thor (1.0.1)
    unicode-display_width (1.6.1)
    wdm (0.1.1)
    xmlrpc (0.3.0)

PLATFORMS
  ruby
  x64-mingw32

DEPENDENCIES
  awesome_print
  capistrano (~> 3.7)
  capistrano-scm-rsync
  guard-bundler
  guard-rspec
  guard-rubocop
  guard-shell
  inwx-rb (~> 0.1)
  pry-byebug
  rake-funnel (~> 0.15pre)
  rb-fsevent
  rb-inotify
  rspec (~> 3.4)
  rspec-teamcity
  rubocop (!= 0.62)
  rubocop-checkstyle_formatter
  rubocop-rspec
  ruby_gntp
  simplecov (~> 0.11)
  simplecov-teamcity-summary (~> 1.0)
  terminal-notifier-guard
  wdm
  xmlrpc (~> 0.3)

BUNDLED WITH
   2.1.4
