NUGET
  remote: https://www.powershellgallery.com/api/v2
    Pester (3.4.6)
    PSScriptAnalyzer (1.11.1)
  remote: https://www.nuget.org/api/v2
    YamlDotNet (3.9)
