NUGET
  remote: https://www.powershellgallery.com/api/v2
    Pester (4.4.2)
    PSScriptAnalyzer (1.17.1)
  remote: https://api.nuget.org/v3/index.json
    YamlDotNet (4.3.2)
