NUGET
  remote: https://api.nuget.org/v3/index.json
    Pester (4.10.1)
    YamlDotNet (4.3.2)
  remote: https://www.powershellgallery.com/api/v2
    PSScriptAnalyzer (1.18.3)
